GIT
  remote: https://github.com/fog/fog.git
  revision: 7b0cd244a8cbc913e7d657bbe153be34adfc7d2c
  specs:
    fog (1.10.1)
      builder
      excon (~> 0.20)
      formatador (~> 0.2.0)
      json (~> 1.7)
      mime-types
      net-scp (~> 1.1)
      net-ssh (>= 2.1.3)
      nokogiri (~> 1.5.0)
      ruby-hmac

GEM
  remote: https://rubygems.org/
  specs:
    builder (3.2.0)
    excon (0.20.1)
    formatador (0.2.4)
    inifile (2.0.2)
    json (1.7.7)
    mime-types (1.23)
    multi_json (1.7.2)
    net-scp (1.1.0)
      net-ssh (>= 2.6.5)
    net-ssh (2.6.7)
    nokogiri (1.5.9)
    ruby-hmac (0.4.0)

PLATFORMS
  ruby

DEPENDENCIES
  fog!
  inifile
  multi_json
