GIT
  remote: https://github.com/fog/fog.git
  revision: 2920203f4dc4a136399822d2180ad227ded69d08
  specs:
    fog (1.10.0)
      builder
      excon (~> 0.20)
      formatador (~> 0.2.0)
      mime-types
      multi_json (~> 1.0)
      net-scp (~> 1.1)
      net-ssh (>= 2.1.3)
      nokogiri (~> 1.5.0)
      ruby-hmac

GEM
  remote: https://rubygems.org/
  specs:
    builder (3.2.0)
    excon (0.20.1)
    formatador (0.2.4)
    inifile (2.0.2)
    mime-types (1.21)
    multi_json (1.7.1)
    net-scp (1.1.0)
      net-ssh (>= 2.6.5)
    net-ssh (2.6.6)
    nokogiri (1.5.9)
    ruby-hmac (0.4.0)

PLATFORMS
  ruby

DEPENDENCIES
  fog!
  inifile
